GIT
  remote: git://github.com/sinatra/sinatra.git
  revision: 7447d692b89ce0de24bd099e1c6d75ee6a4cbadd
  specs:
    sinatra (1.3.1)
      rack (~> 1.3, >= 1.3.4)
      rack-protection (~> 1.1, >= 1.1.2)
      tilt (~> 1.3, >= 1.3.3)

GEM
  remote: http://rubygems.org/
  specs:
    activemodel (3.1.2)
      activesupport (= 3.1.2)
      builder (~> 3.0.0)
      i18n (~> 0.6)
    activerecord (3.1.2)
      activemodel (= 3.1.2)
      activesupport (= 3.1.2)
      arel (~> 2.2.1)
      tzinfo (~> 0.3.29)
    activesupport (3.1.2)
      multi_json (~> 1.0)
    arel (2.2.1)
    builder (3.0.0)
    haml (3.1.3)
    i18n (0.6.0)
    multi_json (1.0.3)
    rack (1.3.5)
    rack-protection (1.1.4)
      rack
    tilt (1.3.3)
    tzinfo (0.3.31)

PLATFORMS
  ruby

DEPENDENCIES
  activerecord (~> 3.0)
  haml
  sinatra!
